GIT
  remote: git://github.com/boesemar/zonefile.git
  revision: 8cdcc2acdeaa6e35911d4c805a62bf96426c0762
  specs:
    zonefile (1.06)

GEM
  remote: https://rubygems.org/
  specs:

PLATFORMS
  ruby

DEPENDENCIES
  zonefile (~> 1.5)!
