GIT
  remote: git://github.com/digineo/zonefile.git
  revision: 59f007e8dc0d9f25a6d586b63f74a96fb56bd0f4
  branch: tlsa
  specs:
    zonefile (1.05)

GEM
  remote: https://rubygems.org/
  specs:

PLATFORMS
  ruby

DEPENDENCIES
  zonefile (~> 1.5)!
