GEM
  remote: https://rubygems.org/
  specs:
    zonefile (1.04)

PLATFORMS
  ruby

DEPENDENCIES
  zonefile
