GEM
  remote: https://rubygems.org/
  specs:
    zonefile (1.06)

PLATFORMS
  ruby

DEPENDENCIES
  zonefile (>= 1.06)

BUNDLED WITH
   1.17.0
